PATH
  remote: .
  specs:
    reschedule (0.0.1)
      redis

GEM
  remote: http://rubygems.org/
  specs:
    diff-lcs (1.1.2)
    redis (2.2.1)
    rspec (2.6.0)
      rspec-core (~> 2.6.0)
      rspec-expectations (~> 2.6.0)
      rspec-mocks (~> 2.6.0)
    rspec-core (2.6.4)
    rspec-expectations (2.6.0)
      diff-lcs (~> 1.1.2)
    rspec-mocks (2.6.0)

PLATFORMS
  ruby

DEPENDENCIES
  reschedule!
  rspec (~> 2.5)
